NUGET
  remote: https://www.nuget.org/api/v2
    Falco (3.1.4)
      FSharp.Core (>= 4.6.2) - restriction: >= netcoreapp3.1
      Ply (>= 0.3.1) - restriction: >= netcoreapp3.1
    FSharp.Core (5.0.2) - restriction: >= netcoreapp3.1
    Ply (0.3.1) - restriction: >= netcoreapp3.1
      FSharp.Core (>= 4.6.2) - restriction: >= netstandard2.0
      System.Threading.Tasks.Extensions (>= 4.5.4) - restriction: >= netstandard2.0
    System.Threading.Tasks.Extensions (4.5.4) - restriction: >= netcoreapp3.1
